GEM
  remote: https://rubygems.org/
  specs:
    coderay (1.1.0)
    cuba (3.5.0)
      rack (~> 1.6.0)
    method_source (0.8.2)
    mote (1.1.4)
    mote-render (1.1.0)
    pry (0.10.1)
      coderay (~> 1.1.0)
      method_source (~> 0.8.1)
      slop (~> 3.4)
    rack (1.6.4)
    slop (3.6.0)

PLATFORMS
  ruby

DEPENDENCIES
  cuba
  mote
  mote-render
  pry
